GIT
  remote: git://github.com/edgurgel/bert.git
  revision: d16e39fad06c378b7fa5c53477846790291d448f
  specs:
    bert (1.1.6)

GEM
  remote: https://rubygems.org/
  specs:
    awesome_print (1.2.0)
    beefcake (0.3.7)
    bitcask (0.2.2)
    builder (3.2.2)
    celluloid (0.15.1)
      timers (~> 1.1.0)
    connection_pool (1.1.0)
    i18n (0.6.5)
    innertube (1.0.2)
    json (1.8.0)
    multi_json (1.8.0)
    rack (1.5.2)
    rack-protection (1.5.0)
      rack
    redis (3.0.4)
    redis-namespace (1.3.1)
      redis (~> 3.0.0)
    riak-client (1.4.2)
      beefcake (~> 0.3.7)
      builder (>= 2.1.2)
      i18n (>= 0.4.0)
      innertube (~> 1.0.2)
      multi_json (~> 1.0)
    sidekiq (2.14.1)
      celluloid (>= 0.14.1)
      connection_pool (>= 1.0.0)
      json
      redis (>= 3.0.4)
      redis-namespace (>= 1.3.1)
    sidekiq-middleware (0.1.4)
      sidekiq (>= 2.12.4, < 3)
    sinatra (1.4.3)
      rack (~> 1.4)
      rack-protection (~> 1.4)
      tilt (~> 1.3, >= 1.3.4)
    tilt (1.4.1)
    timers (1.1.0)

PLATFORMS
  ruby

DEPENDENCIES
  awesome_print
  bert!
  bitcask
  redis
  riak-client
  sidekiq
  sidekiq-middleware
  sinatra
