GEM
  remote: https://rubygems.org/
  specs:
    awesome_print (1.2.0)
    bert (1.1.6)
    bitcask (0.2.2)
    celluloid (0.15.1)
      timers (~> 1.1.0)
    connection_pool (1.1.0)
    ethon (0.6.1)
      ffi (>= 1.3.0)
      mime-types (~> 1.18)
    ffi (1.9.0)
    json (1.8.0)
    mime-types (1.25)
    rack (1.5.2)
    rack-protection (1.5.0)
      rack
    redis (3.0.4)
    redis-namespace (1.3.1)
      redis (~> 3.0.0)
    riak (0.0.1.pre)
      typhoeus
    sidekiq (2.14.1)
      celluloid (>= 0.14.1)
      connection_pool (>= 1.0.0)
      json
      redis (>= 3.0.4)
      redis-namespace (>= 1.3.1)
    sidekiq-middleware (0.1.4)
      sidekiq (>= 2.12.4, < 3)
    sinatra (1.4.3)
      rack (~> 1.4)
      rack-protection (~> 1.4)
      tilt (~> 1.3, >= 1.3.4)
    tilt (1.4.1)
    timers (1.1.0)
    typhoeus (0.6.5)
      ethon (~> 0.6.1)

PLATFORMS
  ruby

DEPENDENCIES
  awesome_print
  bert
  bitcask
  redis
  riak
  sidekiq
  sidekiq-middleware
  sinatra
